GEM
  remote: https://rubygems.org/
  specs:
    mini_magick (4.8.0)
    slop (4.5.0)

PLATFORMS
  ruby

DEPENDENCIES
  mini_magick
  slop

BUNDLED WITH
   1.14.5
